GIT
  remote: git://github.com/jenkins-infra/puppetlabs_spec_helper.git
  revision: 772ce0ed04edb5b58f99de6ebebe8ccc233b46be
  specs:
    puppetlabs_spec_helper (0.4.1.40)
      mocha (>= 0.10.5)
      rake
      rspec (>= 2.9.0)
      rspec-puppet (>= 0.1.1)

GIT
  remote: git://github.com/mitchellh/vagrant-aws.git
  revision: d125a2f8ca5422f55f555ab921aaac968d1e6e72
  specs:
    vagrant-aws (0.5.0.dev)
      fog (~> 1.18)

GIT
  remote: git://github.com/mitchellh/vagrant.git
  revision: 285c7cdb2b3127d6dad4c2288cf9af6f15de6545
  ref: v1.5.4
  specs:
    vagrant (1.5.4)
      bundler (~> 1.5.2)
      childprocess (~> 0.5.0)
      erubis (~> 2.7.0)
      i18n (~> 0.6.0)
      listen (~> 2.7.1)
      log4r (~> 1.1.9, < 1.1.11)
      net-scp (~> 1.1.0)
      net-ssh (>= 2.6.6, < 2.8.0)
      rb-kqueue (~> 0.2.0)
      wdm (~> 0.1.0)

GEM
  remote: https://rubygems.org/
  specs:
    builder (3.2.2)
    celluloid (0.15.2)
      timers (~> 1.1.0)
    celluloid-io (0.15.0)
      celluloid (>= 0.15.0)
      nio4r (>= 0.5.0)
    childprocess (0.5.3)
      ffi (~> 1.0, >= 1.0.11)
    coderay (1.1.0)
    columnize (0.8.9)
    debugger (1.6.6)
      columnize (>= 0.3.1)
      debugger-linecache (~> 1.2.0)
      debugger-ruby_core_source (~> 1.3.2)
    debugger-linecache (1.2.0)
    debugger-pry (0.1.1)
      debugger (~> 1)
      pry (>= 0.9.9)
    debugger-ruby_core_source (1.3.2)
    diff-lcs (1.2.5)
    erubis (2.7.0)
    excon (0.33.0)
    facter (1.7.5)
    ffi (1.9.3)
    fog (1.22.0)
      fog-brightbox
      fog-core (~> 1.21, >= 1.21.1)
      fog-json
      nokogiri (~> 1.5, >= 1.5.11)
    fog-brightbox (0.0.2)
      fog-core
      fog-json
    fog-core (1.22.0)
      builder
      excon (~> 0.33)
      formatador (~> 0.2)
      mime-types
      net-scp (~> 1.1)
      net-ssh (>= 2.1.3)
    fog-json (1.0.0)
      multi_json (~> 1.0)
    formatador (0.2.4)
    hiera (1.3.2)
      json_pure
    i18n (0.6.9)
    json_pure (1.8.1)
    listen (2.7.3)
      celluloid (>= 0.15.2)
      celluloid-io (>= 0.15.0)
      rb-fsevent (>= 0.9.3)
      rb-inotify (>= 0.9)
    log4r (1.1.10)
    metaclass (0.0.4)
    method_source (0.8.2)
    mime-types (2.2)
    mini_portile (0.5.3)
    mocha (1.0.0)
      metaclass (~> 0.0.1)
    multi_json (1.9.3)
    net-scp (1.1.2)
      net-ssh (>= 2.6.5)
    net-ssh (2.7.0)
    nio4r (1.0.0)
    nokogiri (1.6.1)
      mini_portile (~> 0.5.0)
    pry (0.9.12.6)
      coderay (~> 1.0)
      method_source (~> 0.8)
      slop (~> 3.4)
    puppet (3.4.3)
      facter (~> 1.6)
      hiera (~> 1.0)
      rgen (~> 0.6.5)
    puppet-lint (0.3.2)
    rake (10.3.1)
    rb-fsevent (0.9.4)
    rb-inotify (0.9.4)
      ffi (>= 0.5.0)
    rb-kqueue (0.2.2)
      ffi (>= 0.5.0)
    rgen (0.6.6)
    rspec (2.14.1)
      rspec-core (~> 2.14.0)
      rspec-expectations (~> 2.14.0)
      rspec-mocks (~> 2.14.0)
    rspec-core (2.14.8)
    rspec-expectations (2.14.5)
      diff-lcs (>= 1.1.3, < 2.0)
    rspec-mocks (2.14.6)
    rspec-puppet (1.0.1)
      rspec
    slop (3.5.0)
    timers (1.1.0)
    wdm (0.1.0)

PLATFORMS
  ruby

DEPENDENCIES
  debugger
  debugger-pry
  pry
  puppet (~> 3.4.0)
  puppet-lint
  puppetlabs_spec_helper!
  rake
  rspec-puppet
  vagrant!
  vagrant-aws!
